GEM
  remote: http://rubygems.org/
  specs:
    coderay (1.0.9)
    nokogiri (1.5.6)
    rack (1.5.2)
    rack-accept (0.4.5)
      rack (>= 0.4)
    redcarpet (2.2.2)
    sass (3.2.6)
    scorched (0.7)
      rack (~> 1.4)
      rack-accept (~> 0.4)
      tilt (~> 1.3)
    tilt (1.3.6)
    titleize (1.2.1)

PLATFORMS
  ruby

DEPENDENCIES
  coderay
  nokogiri
  redcarpet (>= 2.2.2)
  sass (>= 3.2.6)
  scorched (>= 0.5)
  titleize
