GEM
  remote: https://rubygems.org/
  specs:
    blankslate (3.1.3)
    coderay (1.0.9)
    mini_portile (0.5.1)
    nokogiri (1.6.0)
      mini_portile (~> 0.5.0)
    parslet (1.7.1)
      blankslate (>= 2.0, <= 4.0)
    rack (1.6.4)
    rack-accept (0.4.5)
      rack (>= 0.4)
    redcarpet (3.0.0)
    sass (3.2.9)
    scorched (0.25)
      rack (~> 1.4)
      rack-accept (~> 0.4)
      scorched-accept (~> 0.1)
      tilt (~> 1.4)
    scorched-accept (0.1)
      parslet (~> 1.7)
    tilt (1.4.1)
    titleize (1.3.0)

PLATFORMS
  ruby

DEPENDENCIES
  coderay
  nokogiri
  redcarpet (>= 2.2.2)
  sass (>= 3.2.6)
  scorched (>= 0.20)
  titleize

BUNDLED WITH
   1.12.2
