GEM
  remote: https://rubygems.org/
  specs:
    coderay (1.0.9)
    mini_portile (0.5.1)
    nokogiri (1.6.0)
      mini_portile (~> 0.5.0)
    rack (1.5.2)
    rack-accept (0.4.5)
      rack (>= 0.4)
    redcarpet (3.0.0)
    sass (3.2.9)
    scorched (0.20)
      rack (~> 1.4)
      rack-accept (~> 0.4)
      tilt (~> 1.4)
    tilt (1.4.1)
    titleize (1.3.0)

PLATFORMS
  ruby

DEPENDENCIES
  coderay
  nokogiri
  redcarpet (>= 2.2.2)
  sass (>= 3.2.6)
  scorched (>= 0.20)
  titleize
