GEM
  remote: https://rubygems.org/
  specs:
    coderay (1.1.1)
    mini_portile2 (2.2.0)
    nokogiri (1.8.0)
      mini_portile2 (~> 2.2.0)
    parslet (1.8.0)
    rack (2.0.3)
    rack-accept (0.4.5)
      rack (>= 0.4)
    redcarpet (3.4.0)
    sass (3.4.24)
    scorched (1.0.0.pre2)
      rack (~> 2.0)
      rack-accept (~> 0.4)
      scorched-accept (~> 0.1)
      tilt (~> 2.0)
    scorched-accept (0.1)
      parslet (~> 1.7)
    tilt (2.0.7)
    titleize (1.4.1)

PLATFORMS
  ruby

DEPENDENCIES
  coderay
  nokogiri
  redcarpet (>= 2.2.2)
  sass (>= 3.2.6)
  scorched (>= 1.0.0.pre.pre2)
  titleize

BUNDLED WITH
   1.15.0
